GEM
  remote: http://rubygems.org/
  specs:
    json (1.8.2)
    rake (10.4.2)
    rscons (1.9.0)
      json (~> 1.0)

PLATFORMS
  ruby
  x86-mingw32

DEPENDENCIES
  rake
  rscons
